GEM
  remote: https://rubygems.org/
  specs:
    ffi (1.11.3)
    mini_portile2 (2.8.0)
    natto (1.1.2)
      ffi (>= 1.9.0)
    nokogiri (1.13.2)
      mini_portile2 (~> 2.8.0)
      racc (~> 1.4)
    racc (1.6.0)

PLATFORMS
  ruby

DEPENDENCIES
  natto
  nokogiri

BUNDLED WITH
   2.0.1
